PATH
  remote: .
  specs:
    joinme-api (0.0.4)

GEM
  remote: http://rubygems.org/
  specs:
    addressable (2.3.2)
    coderay (1.0.8)
    columnize (0.3.6)
    crack (0.3.1)
    debugger (1.2.1)
      columnize (>= 0.3.1)
      debugger-linecache (~> 1.1.1)
      debugger-ruby_core_source (~> 1.1.4)
    debugger-linecache (1.1.2)
      debugger-ruby_core_source (>= 1.1.1)
    debugger-ruby_core_source (1.1.4)
    diff-lcs (1.1.3)
    growl (1.0.3)
    guard (1.5.2)
      listen (>= 0.4.2)
      lumberjack (>= 1.0.2)
      pry (>= 0.9.10)
      thor (>= 0.14.6)
    guard-bundler (1.0.0)
      bundler (~> 1.0)
      guard (~> 1.1)
    guard-rspec (2.1.0)
      guard (>= 1.1)
      rspec (~> 2.11)
    listen (0.5.3)
    lumberjack (1.0.2)
    method_source (0.8.1)
    pry (0.9.10)
      coderay (~> 1.0.5)
      method_source (~> 0.8)
      slop (~> 3.3.1)
    rb-fsevent (0.9.2)
    rspec (2.11.0)
      rspec-core (~> 2.11.0)
      rspec-expectations (~> 2.11.0)
      rspec-mocks (~> 2.11.0)
    rspec-core (2.11.1)
    rspec-expectations (2.11.3)
      diff-lcs (~> 1.1.3)
    rspec-mocks (2.11.3)
    slop (3.3.3)
    thor (0.16.0)
    webmock (1.8.11)
      addressable (>= 2.2.7)
      crack (>= 0.1.7)

PLATFORMS
  ruby

DEPENDENCIES
  debugger
  growl (~> 1.0.3)
  guard (~> 1.5.2)
  guard-bundler (~> 1.0.0)
  guard-rspec (~> 2.1.0)
  joinme-api!
  rb-fsevent (~> 0.9.2)
  rspec (~> 2.11.0)
  webmock (~> 1.8.11)
